GEM
  remote: https://rubygems.org/
  specs:
    coderay (1.1.2)
    crack (0.4.3)
      safe_yaml (~> 1.0.0)
    method_source (0.9.0)
    minitest (5.11.3)
    minitest-power_assert (0.3.0)
      minitest
      power_assert (>= 1.1)
    power_assert (1.1.3)
    pry (0.11.3)
      coderay (~> 1.1.0)
      method_source (~> 0.9.0)
    safe_yaml (1.0.4)

PLATFORMS
  ruby

DEPENDENCIES
  crack
  minitest-power_assert
  pry

BUNDLED WITH
   1.16.0
