GEM
  remote: https://rubygems.org/
  specs:
    ansi (1.5.0)
    ast (2.4.0)
    coderay (1.1.2)
    method_source (0.9.0)
    minitest (5.11.3)
    minitest-power_assert (0.3.0)
      minitest
      power_assert (>= 1.1)
    oga (2.15)
      ast
      ruby-ll (~> 2.1)
    power_assert (1.1.3)
    pry (0.11.3)
      coderay (~> 1.1.0)
      method_source (~> 0.9.0)
    ruby-ll (2.1.2)
      ansi
      ast

PLATFORMS
  ruby

DEPENDENCIES
  minitest-power_assert
  oga
  pry

BUNDLED WITH
   1.16.0
